GEM
  specs:
    artii (2.1.2)
    rainbow (3.1.1)

PLATFORMS
  x86_64-linux

DEPENDENCIES
  artii
  rainbow

BUNDLED WITH
   2.4.10
